PATH
  remote: .
  specs:
    adobe-aem-api (0.0.1)
      nokogiri
      recursive-open-struct

GEM
  remote: https://rubygems.org/
  specs:
    addressable (2.3.6)
    crack (0.4.2)
      safe_yaml (~> 1.0.0)
    diff-lcs (1.2.5)
    flexmock (0.9.0)
    metaclass (0.0.4)
    mini_portile (0.5.3)
    mocha (0.13.3)
      metaclass (~> 0.0.1)
    nokogiri (1.6.1)
      mini_portile (~> 0.5.0)
    rack (1.5.2)
    rack-protection (1.5.3)
      rack
    rake (10.0.4)
    recursive-open-struct (0.5.0)
    rr (1.0.5)
    rspec (2.13.0)
      rspec-core (~> 2.13.0)
      rspec-expectations (~> 2.13.0)
      rspec-mocks (~> 2.13.0)
    rspec-core (2.13.1)
    rspec-expectations (2.13.0)
      diff-lcs (>= 1.1.3, < 2.0)
    rspec-mocks (2.13.1)
    safe_yaml (1.0.3)
    sinatra (1.4.5)
      rack (~> 1.4)
      rack-protection (~> 1.4)
      tilt (~> 1.3, >= 1.3.4)
    tilt (1.4.1)
    webmock (1.18.0)
      addressable (>= 2.3.6)
      crack (>= 0.3.2)

PLATFORMS
  ruby

DEPENDENCIES
  adobe-aem-api!
  bundler (~> 1.6)
  flexmock (~> 0.9.0)
  mocha (~> 0.13.0)
  rake
  rr (~> 1.0.4)
  rspec
  rspec-mocks
  sinatra (~> 1.4.5)
  webmock (~> 1.18.0)
